GIT
  remote: git://github.com/acrmp/foodcritic.git
  revision: 9c330c75f9e75f190e9ea06c50c781977b783b4f
  specs:
    foodcritic (3.0.3)
      erubis
      gherkin (~> 2.11.7)
      nokogiri (~> 1.5.4)
      rake
      treetop (~> 1.4.10)
      yajl-ruby (~> 1.1.0)

GEM
  remote: http://rubygems.org/
  specs:
    erubis (2.7.0)
    gherkin (2.11.8)
      multi_json (~> 1.3)
    multi_json (1.10.0)
    nokogiri (1.5.11)
    polyglot (0.3.4)
    rake (10.1.0)
    treetop (1.4.15)
      polyglot
      polyglot (>= 0.3.1)
    yajl-ruby (1.1.0)

PLATFORMS
  ruby

DEPENDENCIES
  foodcritic!
  rake
